GEM
  remote: https://rubygems.org/
  specs:
    gmail (0.4.0)
      gmail_xoauth (>= 0.3.0)
      mail (>= 2.2.1)
      mime (>= 0.1)
    gmail_xoauth (0.4.1)
      oauth (>= 0.3.6)
    logger (1.2.8)
    mail (2.6.1)
      mime-types (>= 1.16, < 3)
    mime (0.4.2)
    mime-types (2.4.3)
    oauth (0.4.7)
    simple-rss (1.3.1)

PLATFORMS
  ruby

DEPENDENCIES
  gmail
  logger
  simple-rss
